GEM
  remote: https://rubygems.org/
  specs:
    actionmailer (4.1.4)
      actionpack (= 4.1.4)
      actionview (= 4.1.4)
      mail (~> 2.5.4)
    actionpack (4.1.4)
      actionview (= 4.1.4)
      activesupport (= 4.1.4)
      rack (~> 1.5.2)
      rack-test (~> 0.6.2)
    actionview (4.1.4)
      activesupport (= 4.1.4)
      builder (~> 3.1)
      erubis (~> 2.7.0)
    activemodel (4.1.4)
      activesupport (= 4.1.4)
      builder (~> 3.1)
    activerecord (4.1.4)
      activemodel (= 4.1.4)
      activesupport (= 4.1.4)
      arel (~> 5.0.0)
    activesupport (4.1.4)
      i18n (~> 0.6, >= 0.6.9)
      json (~> 1.7, >= 1.7.7)
      minitest (~> 5.1)
      thread_safe (~> 0.1)
      tzinfo (~> 1.1)
    aitch (0.3.0)
      activesupport
      nokogiri (>= 1.6.0)
    arel (5.0.1.20140414130214)
    bcrypt (3.1.7)
    builder (3.2.2)
    carrierwave (0.10.0)
      activemodel (>= 3.2.0)
      activesupport (>= 3.2.0)
      json (>= 1.7)
      mime-types (>= 1.16)
    carrierwave-processing (0.0.2)
      carrierwave
    coffee-rails (4.0.1)
      coffee-script (>= 2.2.0)
      railties (>= 4.0.0, < 5.0)
    coffee-script (2.3.0)
      coffee-script-source
      execjs
    coffee-script-source (1.7.1)
<<<<<<< HEAD
    daemons (1.1.9)
=======
>>>>>>> 209c2987c1182d23b61e26f2605eb0e51a835cb1
    devise (3.2.4)
      bcrypt (~> 3.0)
      orm_adapter (~> 0.1)
      railties (>= 3.2.6, < 5)
      thread_safe (~> 0.1)
      warden (~> 1.2.3)
    dotenv (0.11.1)
      dotenv-deployment (~> 0.0.2)
    dotenv-deployment (0.0.2)
    dotenv-rails (0.11.1)
      dotenv (= 0.11.1)
    erubis (2.7.0)
<<<<<<< HEAD
    eventmachine (1.0.3)
    excon (0.39.5)
=======
    excon (0.39.4)
>>>>>>> 209c2987c1182d23b61e26f2605eb0e51a835cb1
    execjs (2.2.1)
    fog (1.23.0)
      fog-brightbox
      fog-core (~> 1.23)
      fog-json
      fog-softlayer
      ipaddress (~> 0.5)
      nokogiri (~> 1.5, >= 1.5.11)
<<<<<<< HEAD
    fog-brightbox (0.3.0)
=======
    fog-brightbox (0.2.0)
>>>>>>> 209c2987c1182d23b61e26f2605eb0e51a835cb1
      fog-core (~> 1.22)
      fog-json
      inflecto
    fog-core (1.23.0)
      builder
      excon (~> 0.38)
      formatador (~> 0.2)
      mime-types
      net-scp (~> 1.1)
      net-ssh (>= 2.1.3)
    fog-json (1.0.0)
      multi_json (~> 1.0)
<<<<<<< HEAD
    fog-softlayer (0.3.14)
=======
    fog-softlayer (0.3.13)
>>>>>>> 209c2987c1182d23b61e26f2605eb0e51a835cb1
      fog-core
      fog-json
    formatador (0.2.5)
    heroku-api (0.3.19)
      excon (~> 0.38)
      multi_json (~> 1.8)
    high_voltage (2.1.0)
    hike (1.2.3)
    i18n (0.6.11)
    inflecto (0.0.2)
    ipaddress (0.8.0)
    jbuilder (2.1.3)
      activesupport (>= 3.0.0, < 5)
      multi_json (~> 1.2)
    jquery-rails (3.0.4)
      railties (>= 3.0, < 5.0)
      thor (>= 0.14, < 2.0)
    json (1.8.1)
    mail (2.5.4)
      mime-types (~> 1.16)
      treetop (~> 1.4.8)
    mime-types (1.25.1)
    mini_magick (3.8.0)
      subexec (~> 0.2.1)
    mini_portile (0.6.0)
    minitest (5.4.0)
    mono_logger (1.1.0)
    multi_json (1.10.1)
    net-scp (1.2.1)
      net-ssh (>= 2.6.5)
    net-ssh (2.9.1)
    nokogiri (1.6.3.1)
      mini_portile (= 0.6.0)
    normalize-rails (3.0.1)
    orm_adapter (0.5.0)
    pagseguro-oficial (2.0.5)
      aitch (>= 0.2.1)
      i18n
      json
      nokogiri
    pg (0.17.1)
    polyglot (0.3.5)
    rack (1.5.2)
    rack-protection (1.5.3)
      rack
    rack-test (0.6.2)
      rack (>= 1.0)
    rails (4.1.4)
      actionmailer (= 4.1.4)
      actionpack (= 4.1.4)
      actionview (= 4.1.4)
      activemodel (= 4.1.4)
      activerecord (= 4.1.4)
      activesupport (= 4.1.4)
      bundler (>= 1.3.0, < 2.0)
      railties (= 4.1.4)
      sprockets-rails (~> 2.0)
<<<<<<< HEAD
    rails_12factor (0.0.2)
      rails_serve_static_assets
      rails_stdout_logging
    rails_serve_static_assets (0.0.2)
    rails_stdout_logging (0.0.3)
=======
>>>>>>> 209c2987c1182d23b61e26f2605eb0e51a835cb1
    railties (4.1.4)
      actionpack (= 4.1.4)
      activesupport (= 4.1.4)
      rake (>= 0.8.7)
      thor (>= 0.18.1, < 2.0)
    rake (10.3.2)
    redis (3.1.0)
    redis-namespace (1.5.1)
      redis (~> 3.0, >= 3.0.4)
    resque (1.25.2)
      mono_logger (~> 1.0)
      multi_json (~> 1.0)
      redis-namespace (~> 1.3)
      sinatra (>= 0.9.2)
      vegas (~> 0.1.2)
    sass (3.2.19)
    sass-rails (4.0.3)
      railties (>= 4.0.0, < 5.0)
      sass (~> 3.2.0)
      sprockets (~> 2.8, <= 2.11.0)
      sprockets-rails (~> 2.0)
    simple_form (3.0.2)
      actionpack (~> 4.0)
      activemodel (~> 4.0)
    sinatra (1.4.5)
      rack (~> 1.4)
      rack-protection (~> 1.4)
      tilt (~> 1.3, >= 1.3.4)
    slim (2.0.3)
      temple (~> 0.6.6)
      tilt (>= 1.3.3, < 2.1)
    slim-rails (2.1.5)
      actionpack (>= 3.0, < 4.2)
      activesupport (>= 3.0, < 4.2)
      railties (>= 3.0, < 4.2)
      slim (~> 2.0)
    spring (1.1.3)
    sprockets (2.8.0)
      hike (~> 1.2)
      multi_json (~> 1.0)
      rack (~> 1.0)
      tilt (~> 1.1, != 1.3.0)
    sprockets-rails (2.1.3)
      actionpack (>= 3.0)
      activesupport (>= 3.0)
      sprockets (~> 2.8)
    sqlite3 (1.3.9)
    start (0.0.10)
      railties (>= 3.2.6, < 5)
    subexec (0.2.3)
    temple (0.6.8)
<<<<<<< HEAD
    thin (1.6.2)
      daemons (>= 1.0.9)
      eventmachine (>= 1.0.0)
      rack (>= 1.0.0)
=======
>>>>>>> 209c2987c1182d23b61e26f2605eb0e51a835cb1
    thor (0.19.1)
    thread_safe (0.3.4)
    tilt (1.4.1)
    treetop (1.4.15)
      polyglot
      polyglot (>= 0.3.1)
<<<<<<< HEAD
    turbolinks (2.2.3)
=======
    turbolinks (2.2.2)
>>>>>>> 209c2987c1182d23b61e26f2605eb0e51a835cb1
      coffee-rails
    tzinfo (1.2.2)
      thread_safe (~> 0.1)
    uglifier (2.5.3)
      execjs (>= 0.3.0)
      json (>= 1.8.0)
    uploadbox (0.1.4)
      carrierwave (~> 0.9, >= 0.9.0)
      carrierwave-processing (~> 0.0, >= 0.0.2)
      coffee-rails (~> 4.0, >= 4.0.0)
      dotenv-rails (~> 0.10, >= 0.10.0)
      fog (~> 1.15, >= 1.15.0)
      heroku-api (~> 0.3, >= 0.3.15)
      jbuilder (>= 1.2, < 3)
      mini_magick (~> 3.6, >= 3.6.0)
      rails (>= 4.0.0, < 5)
      redis (~> 3.0, >= 3.0.4)
      resque (~> 1.25, >= 1.25.0)
      sass-rails (~> 4.0, >= 4.0.0)
      slim (~> 2.0, >= 2.0.1)
    vegas (0.1.11)
      rack (>= 1.0.0)
    warden (1.2.3)
      rack (>= 1.0)
    xray-rails (0.1.14)
      coffee-rails
      rails (>= 3.1.0)

PLATFORMS
  ruby

DEPENDENCIES
  coffee-rails (~> 4.0.0)
  devise (~> 3.2.4)
  high_voltage (~> 2.1.0)
  jquery-rails (~> 3.0.1)
  normalize-rails (~> 3.0)
  pagseguro-oficial
  pg
  rails (= 4.1.4)
<<<<<<< HEAD
  rails_12factor
=======
>>>>>>> 209c2987c1182d23b61e26f2605eb0e51a835cb1
  sass-rails (~> 4.0.3)
  simple_form
  slim-rails
  spring (~> 1.1.3)
  sqlite3 (~> 1.3.9)
  start (~> 0.0.1)
<<<<<<< HEAD
  thin
=======
>>>>>>> 209c2987c1182d23b61e26f2605eb0e51a835cb1
  turbolinks (~> 2.2.2)
  uglifier (>= 1.3.0)
  uploadbox (= 0.1.4)
  xray-rails (~> 0.1.14)
